GIT
<<<<<<< HEAD
  remote: https://github.com/PerfectlyNormal/tinymce-rails-imageupload.git
  revision: 34a105e77f1746913b8989ad67b75c6f9bc4e8c8
  specs:
    tinymce-rails-imageupload (4.0.17.beta.3)
      railties (>= 3.2, < 6)
      tinymce-rails (~> 4.0)
=======
  remote: https://github.com/amatsuda/database_rewinder
  revision: 0737c39e344a6d168295b36701825c6755974401
  branch: master
  specs:
    database_rewinder (0.8.2)
>>>>>>> prepare rspec, remove test folder

GEM
  remote: https://rubygems.org/
  specs:
    actioncable (5.1.4)
      actionpack (= 5.1.4)
      nio4r (~> 2.0)
      websocket-driver (~> 0.6.1)
    actionmailer (5.1.4)
      actionpack (= 5.1.4)
      actionview (= 5.1.4)
      activejob (= 5.1.4)
      mail (~> 2.5, >= 2.5.4)
      rails-dom-testing (~> 2.0)
    actionpack (5.1.4)
      actionview (= 5.1.4)
      activesupport (= 5.1.4)
      rack (~> 2.0)
      rack-test (>= 0.6.3)
      rails-dom-testing (~> 2.0)
      rails-html-sanitizer (~> 1.0, >= 1.0.2)
    actionview (5.1.4)
      activesupport (= 5.1.4)
      builder (~> 3.1)
      erubi (~> 1.4)
      rails-dom-testing (~> 2.0)
      rails-html-sanitizer (~> 1.0, >= 1.0.3)
    activejob (5.1.4)
      activesupport (= 5.1.4)
      globalid (>= 0.3.6)
    activemodel (5.1.4)
      activesupport (= 5.1.4)
    activerecord (5.1.4)
      activemodel (= 5.1.4)
      activesupport (= 5.1.4)
      arel (~> 8.0)
    activesupport (5.1.4)
      concurrent-ruby (~> 1.0, >= 1.0.2)
      i18n (~> 0.7)
      minitest (~> 5.1)
      tzinfo (~> 1.1)
    addressable (2.5.2)
      public_suffix (>= 2.0.2, < 4.0)
    arel (8.0.0)
    autoprefixer-rails (7.1.6)
      execjs
    awesome_print (1.8.0)
    bcrypt (3.1.11)
    better_errors (2.4.0)
      coderay (>= 1.0.0)
      erubi (>= 1.0.0)
      rack (>= 0.9.0)
    bindex (0.5.0)
    binding_of_caller (0.7.3)
      debug_inspector (>= 0.0.1)
    bootstrap-sass (3.3.7)
      autoprefixer-rails (>= 5.2.1)
      sass (>= 3.3.4)
    builder (3.2.3)
    bullet (5.6.1)
      activesupport (>= 3.0.0)
      uniform_notifier (~> 1.10.0)
    byebug (9.1.0)
    cancancan (2.0.0)
    capybara (2.15.4)
      addressable
      mini_mime (>= 0.1.3)
      nokogiri (>= 1.3.3)
      rack (>= 1.0.0)
      rack-test (>= 0.5.4)
      xpath (~> 2.0)
<<<<<<< HEAD
    childprocess (0.8.0)
      ffi (~> 1.0, >= 1.0.11)
    climate_control (0.2.0)
    cocaine (0.5.8)
      climate_control (>= 0.0.3, < 1.0)
=======
    cliver (0.3.2)
>>>>>>> prepare rspec, remove test folder
    coderay (1.1.2)
    coffee-rails (4.2.2)
      coffee-script (>= 2.2.0)
      railties (>= 4.0.0)
    coffee-script (2.4.1)
      coffee-script-source
      execjs
    coffee-script-source (1.12.2)
    concurrent-ruby (1.0.5)
    crass (1.0.2)
    debug_inspector (0.0.3)
    deep_cloneable (2.3.1)
      activerecord (>= 3.1.0, < 5.2.0)
    devise (4.3.0)
      bcrypt (~> 3.0)
      orm_adapter (~> 0.1)
      railties (>= 4.1.0, < 5.2)
      responders
      warden (~> 1.2.3)
<<<<<<< HEAD
    devise-i18n (1.4.0)
      devise (>= 3.1)
    erubi (1.7.0)
=======
    devise-i18n (1.2.0)
    diff-lcs (1.3)
    erubi (1.6.1)
>>>>>>> prepare rspec, remove test folder
    execjs (2.7.0)
    factory_girl (4.8.0)
      activesupport (>= 3.0.0)
    factory_girl_rails (4.8.0)
      factory_girl (~> 4.8.0)
      railties (>= 3.0.0)
    faker (1.8.4)
      i18n (~> 0.5)
    faraday (0.12.2)
      multipart-post (>= 1.2, < 3)
    ffi (1.9.18)
    font-awesome-rails (4.7.0.2)
      railties (>= 3.2, < 5.2)
    globalid (0.4.1)
      activesupport (>= 4.2.0)
    hashie (3.5.6)
    htmldiff (0.0.1)
    i18n (0.9.0)
      concurrent-ruby (~> 1.0)
    jbuilder (2.7.0)
      activesupport (>= 4.2.0)
      multi_json (>= 1.2)
    jquery-rails (4.3.1)
      rails-dom-testing (>= 1, < 3)
      railties (>= 4.2.0)
      thor (>= 0.14, < 2.0)
    jwt (1.5.6)
    launchy (2.4.3)
      addressable (~> 2.3)
    letter_opener (1.4.1)
      launchy (~> 2.2)
    listen (3.1.5)
      rb-fsevent (~> 0.9, >= 0.9.4)
      rb-inotify (~> 0.9, >= 0.9.7)
      ruby_dep (~> 1.2)
    loofah (2.1.1)
      crass (~> 1.0.2)
      nokogiri (>= 1.5.9)
    mail (2.6.6)
      mime-types (>= 1.16, < 4)
    method_source (0.9.0)
    mime-types (3.1)
      mime-types-data (~> 3.2015)
    mime-types-data (3.2016.0521)
    mimemagic (0.3.2)
    mini_mime (0.1.4)
    mini_portile2 (2.3.0)
    minitest (5.10.3)
    multi_json (1.12.2)
    multi_xml (0.6.0)
    multipart-post (2.0.0)
    nio4r (2.1.0)
    nokogiri (1.8.1)
      mini_portile2 (~> 2.3.0)
    oauth2 (1.4.0)
      faraday (>= 0.8, < 0.13)
      jwt (~> 1.0)
      multi_json (~> 1.3)
      multi_xml (~> 0.5)
      rack (>= 1.2, < 3)
    omniauth (1.7.1)
      hashie (>= 3.4.6, < 3.6.0)
      rack (>= 1.6.2, < 3)
    omniauth-google-oauth2 (0.5.2)
      jwt (~> 1.5)
      multi_json (~> 1.3)
      omniauth (>= 1.1.1)
      omniauth-oauth2 (>= 1.3.1)
    omniauth-oauth2 (1.4.0)
      oauth2 (~> 1.0)
      omniauth (~> 1.2)
    orm_adapter (0.5.0)
    paper_trail (8.0.1)
      activerecord (>= 4.2, < 5.2)
      request_store (~> 1.1)
    paperclip (5.1.0)
      activemodel (>= 4.2.0)
      activesupport (>= 4.2.0)
      cocaine (~> 0.5.5)
      mime-types
      mimemagic (~> 0.3.0)
    pg (0.21.0)
<<<<<<< HEAD
    pry (0.11.2)
=======
    poltergeist (1.15.0)
      capybara (~> 2.1)
      cliver (~> 0.3.1)
      websocket-driver (>= 0.2.0)
    pry (0.10.4)
>>>>>>> prepare rspec, remove test folder
      coderay (~> 1.1.0)
      method_source (~> 0.9.0)
    pry-byebug (3.5.0)
      byebug (~> 9.1)
      pry (~> 0.10)
    pry-doc (0.11.1)
      pry (~> 0.9)
      yard (~> 0.9)
    pry-rails (0.3.6)
      pry (>= 0.10.4)
    pry-stack_explorer (0.4.9.2)
      binding_of_caller (>= 0.7)
      pry (>= 0.9.11)
    public_suffix (3.0.0)
    puma (3.10.0)
    rack (2.0.3)
    rack-test (0.7.0)
      rack (>= 1.0, < 3)
    rails (5.1.4)
      actioncable (= 5.1.4)
      actionmailer (= 5.1.4)
      actionpack (= 5.1.4)
      actionview (= 5.1.4)
      activejob (= 5.1.4)
      activemodel (= 5.1.4)
      activerecord (= 5.1.4)
      activesupport (= 5.1.4)
      bundler (>= 1.3.0)
      railties (= 5.1.4)
      sprockets-rails (>= 2.0.0)
    rails-controller-testing (1.0.2)
      actionpack (~> 5.x, >= 5.0.1)
      actionview (~> 5.x, >= 5.0.1)
      activesupport (~> 5.x)
    rails-dom-testing (2.0.3)
      activesupport (>= 4.2.0)
      nokogiri (>= 1.6)
    rails-html-sanitizer (1.0.3)
      loofah (~> 2.0)
    railties (5.1.4)
      actionpack (= 5.1.4)
      activesupport (= 5.1.4)
      method_source
      rake (>= 0.8.7)
      thor (>= 0.18.1, < 2.0)
    rake (12.2.1)
    rb-fsevent (0.10.2)
    rb-inotify (0.9.10)
      ffi (>= 0.5.0, < 2)
    request_store (1.3.2)
    responders (2.4.0)
      actionpack (>= 4.2.0, < 5.3)
      railties (>= 4.2.0, < 5.3)
    rspec-core (3.6.0)
      rspec-support (~> 3.6.0)
    rspec-expectations (3.6.0)
      diff-lcs (>= 1.2.0, < 2.0)
      rspec-support (~> 3.6.0)
    rspec-mocks (3.6.0)
      diff-lcs (>= 1.2.0, < 2.0)
      rspec-support (~> 3.6.0)
    rspec-rails (3.6.0)
      actionpack (>= 3.0)
      activesupport (>= 3.0)
      railties (>= 3.0)
      rspec-core (~> 3.6.0)
      rspec-expectations (~> 3.6.0)
      rspec-mocks (~> 3.6.0)
      rspec-support (~> 3.6.0)
    rspec-support (3.6.0)
    ruby_dep (1.5.0)
<<<<<<< HEAD
    rubyzip (1.2.1)
    sass (3.5.3)
=======
    sass (3.5.1)
>>>>>>> prepare rspec, remove test folder
      sass-listen (~> 4.0.0)
    sass-listen (4.0.0)
      rb-fsevent (~> 0.9, >= 0.9.4)
      rb-inotify (~> 0.9, >= 0.9.7)
    sass-rails (5.0.6)
      railties (>= 4.0.0, < 6)
      sass (~> 3.1)
      sprockets (>= 2.8, < 4.0)
      sprockets-rails (>= 2.0, < 4.0)
      tilt (>= 1.1, < 3)
<<<<<<< HEAD
    selenium-webdriver (3.6.0)
      childprocess (~> 0.5)
      rubyzip (~> 1.0)
=======
>>>>>>> prepare rspec, remove test folder
    slim (3.0.8)
      temple (>= 0.7.6, < 0.9)
      tilt (>= 1.3.3, < 2.1)
    slim-rails (3.1.3)
      actionpack (>= 3.1)
      railties (>= 3.1)
      slim (~> 3.0)
    spring (2.0.2)
      activesupport (>= 4.2)
    spring-watcher-listen (2.0.1)
      listen (>= 2.7, < 4.0)
      spring (>= 1.2, < 3.0)
    sprockets (3.7.1)
      concurrent-ruby (~> 1.0)
      rack (> 1, < 3)
    sprockets-rails (3.2.1)
      actionpack (>= 4.0)
      activesupport (>= 4.0)
      sprockets (>= 3.0.0)
    temple (0.8.0)
    thor (0.20.0)
    thread_safe (0.3.6)
    tilt (2.0.8)
    tinymce-rails (4.6.6)
      railties (>= 3.1.1)
    toastr-rails (1.0.3)
      railties (>= 3.1.0)
    turbolinks (5.0.1)
      turbolinks-source (~> 5)
    turbolinks-source (5.0.3)
    tzinfo (1.2.4)
      thread_safe (~> 0.1)
    uglifier (3.2.0)
      execjs (>= 0.3.0, < 3)
    uniform_notifier (1.10.0)
    warden (1.2.7)
      rack (>= 1.0)
    web-console (3.5.1)
      actionview (>= 5.0)
      activemodel (>= 5.0)
      bindex (>= 0.4.0)
      railties (>= 5.0)
    websocket-driver (0.6.5)
      websocket-extensions (>= 0.1.0)
    websocket-extensions (0.1.2)
    wicked_pdf (1.1.0)
    wkhtmltopdf-binary (0.12.3.1)
    xpath (2.1.0)
      nokogiri (~> 1.3)
    yard (0.9.9)

PLATFORMS
  ruby

DEPENDENCIES
  awesome_print
  better_errors
  binding_of_caller
  bootstrap-sass
  bullet
  byebug
  cancancan
<<<<<<< HEAD
  capybara
  coffee-rails
=======
  capybara (~> 2.13)
  coffee-rails (~> 4.2)
  database_rewinder!
>>>>>>> prepare rspec, remove test folder
  deep_cloneable
  devise
  devise-i18n
  factory_girl_rails
  faker
  font-awesome-rails
  htmldiff
  jbuilder
  jquery-rails
  launchy
  letter_opener
  listen
  omniauth
  omniauth-google-oauth2
  paper_trail
  paperclip
  pg
  poltergeist
  pry-byebug
  pry-doc
  pry-rails
  pry-stack_explorer
<<<<<<< HEAD
  puma
  rails
  sass-rails
  selenium-webdriver
=======
  puma (~> 3.7)
  rails (~> 5.1.2)
  rails-controller-testing
  rspec-rails
  sass-rails (~> 5.0)
>>>>>>> prepare rspec, remove test folder
  slim-rails
  spring
  spring-watcher-listen
  tinymce-rails (= 4.6.6)
  tinymce-rails-imageupload!
  toastr-rails
  turbolinks
  tzinfo-data
  uglifier
  web-console
  wicked_pdf
  wkhtmltopdf-binary

RUBY VERSION
   ruby 2.4.2p198

BUNDLED WITH
<<<<<<< HEAD
   1.15.4
=======
   1.15.1
>>>>>>> prepare rspec, remove test folder
